GEM
  remote: http://rubygems.org/
  specs:
    async_sinatra (1.0.0)
      rack (>= 1.4.1)
      sinatra (>= 1.3.2)
    builder (3.0.0)
    daemons (1.1.8)
    eventmachine (0.12.10)
    haml (3.1.1)
    rack (1.6.13)
    rack-protection (1.2.0)
      rack
    rake (0.9.0)
    sinatra (1.3.2)
      rack (~> 1.3, >= 1.3.6)
      rack-protection (~> 1.2)
      tilt (~> 1.3, >= 1.3.3)
    thin (1.2.11)
      daemons (>= 1.0.9)
      eventmachine (>= 0.12.6)
      rack (>= 1.0.0)
    tilt (1.3.3)

PLATFORMS
  ruby

DEPENDENCIES
  async_sinatra (= 1.0.0)
  builder (= 3.0.0)
  haml (= 3.1.1)
  rake (= 0.9.0)
  sinatra (= 1.3.2)
  thin (= 1.2.11)
